GEM
  remote: https://rubygems.org/
  specs:
    addressable (2.7.0)
      public_suffix (>= 2.0.2, < 5.0)
    httparty (0.18.1)
      mime-types (~> 3.0)
      multi_xml (>= 0.5.2)
    mime-types (3.3.1)
      mime-types-data (~> 3.2015)
    mime-types-data (3.2021.0225)
    multi_xml (0.6.0)
    observer (0.1.1)
    openssl (2.2.0)
    public_suffix (4.0.6)

PLATFORMS
  x64-mingw32

DEPENDENCIES
  addressable
  httparty
  observer
  openssl

BUNDLED WITH
   2.2.4
